GEM
  specs:

PLATFORMS
  ruby

DEPENDENCIES

BUNDLED WITH
   1.11.2
